GEM
  remote: https://rubygems.org/
  specs:
    git_repository (0.0.11)
    power_assert (0.2.3)
    rake (10.4.2)
    test-unit (3.0.9)
      power_assert

PLATFORMS
  ruby

DEPENDENCIES
  git_repository
  rake
  test-unit
